GIT
  remote: https://github.com/bethesque/conventional-changelog-ruby.git
  revision: ca6b790c3c8079665dee6fe05685e4ab1be0ad6f
  ref: feat/pact-foundation
  specs:
    conventional-changelog (1.3.0)

GEM
  remote: https://rubygems.org/
  specs:
    diff-lcs (1.4.4)
    rack (2.2.3)
    rack-test (1.1.0)
      rack (>= 1.0, < 3)
    rake (13.0.3)
    rspec (3.10.0)
      rspec-core (~> 3.10.0)
      rspec-expectations (~> 3.10.0)
      rspec-mocks (~> 3.10.0)
    rspec-core (3.10.1)
      rspec-support (~> 3.10.0)
    rspec-expectations (3.10.1)
      diff-lcs (>= 1.2.0, < 2.0)
      rspec-support (~> 3.10.0)
    rspec-its (1.3.0)
      rspec-core (>= 3.0.0)
      rspec-expectations (>= 3.0.0)
    rspec-mocks (3.10.1)
      diff-lcs (>= 1.2.0, < 2.0)
      rspec-support (~> 3.10.0)
    rspec-support (3.10.1)

PLATFORMS
  ruby

DEPENDENCIES
  conventional-changelog!
  rack-test
  rake (~> 13.0)
  rspec (~> 3.7)
  rspec-its (~> 1.2)

BUNDLED WITH
   2.1.4
